GEM
  remote: https://rubygems.org/
  specs:
    cuba (3.3.0)
      rack
    json (1.8.2)
    rack (1.6.0)
    send_file (1.0.1)
    shrimp (0.0.6)
      json

PLATFORMS
  ruby

DEPENDENCIES
  cuba
  send_file
  shrimp
